PATH
  remote: .
  specs:
    growth_channel (0.1.0)

GEM
  remote: https://rubygems.org/
  specs:
    byebug (11.1.3)
    debase (0.2.4.1)
      debase-ruby_core_source (>= 0.10.2)
    debase-ruby_core_source (0.10.11)
    diff-lcs (1.4.4)
    docile (1.3.2)
    rake (12.3.3)
    rspec (3.9.0)
      rspec-core (~> 3.9.0)
      rspec-expectations (~> 3.9.0)
      rspec-mocks (~> 3.9.0)
    rspec-core (3.9.3)
      rspec-support (~> 3.9.3)
    rspec-expectations (3.9.2)
      diff-lcs (>= 1.2.0, < 2.0)
      rspec-support (~> 3.9.0)
    rspec-mocks (3.9.1)
      diff-lcs (>= 1.2.0, < 2.0)
      rspec-support (~> 3.9.0)
    rspec-support (3.9.3)
    ruby-debug-ide (0.7.2)
      rake (>= 0.8.1)
    simplecov (0.19.1)
      docile (~> 1.1)
      simplecov-html (~> 0.11)
    simplecov-html (0.12.3)

PLATFORMS
  ruby
  x64-mingw32

DEPENDENCIES
  byebug
  debase (~> 0.2.4.1)
  growth_channel!
  rake (~> 12.0)
  rspec (~> 3.0)
  ruby-debug-ide (~> 0.7.2)
  simplecov

BUNDLED WITH
   2.1.4
